GEM
  remote: https://rubygems.org/
  specs:
    coderay (1.1.0)
    faraday (0.9.1)
      multipart-post (>= 1.2, < 3)
    method_source (0.8.2)
    mini_portile (0.6.2)
    multipart-post (2.0.0)
    nokogiri (1.6.6.2)
      mini_portile (~> 0.6.0)
    pry (0.10.1)
      coderay (~> 1.1.0)
      method_source (~> 0.8.1)
      slop (~> 3.4)
    slop (3.6.0)
    sqlite3 (1.3.10)

PLATFORMS
  ruby

DEPENDENCIES
  faraday
  nokogiri
  pry
  sqlite3

BUNDLED WITH
   1.10.3
